GEM
  specs:

PLATFORMS
  ruby

DEPENDENCIES
  bundler

BUNDLED WITH
   2.0.2
